GEM
  remote: https://rubygems.org/
  specs:
    amq-protocol (2.3.2)
    bunny (2.23.0)
      amq-protocol (~> 2.3, >= 2.3.1)
      sorted_set (~> 1, >= 1.0.2)
    json (2.9.0)
    rbtree (0.4.6)
    set (1.1.1)
    sorted_set (1.0.3)
      rbtree
      set (~> 1.0)

PLATFORMS
  x64-mingw-ucrt

DEPENDENCIES
  bunny
  json

BUNDLED WITH
   2.5.22
